GEM
  remote: https://rubygems.org/
  specs:
    puma (3.12.0)
    rack (2.0.6)
    sequel (5.16.0)
    sqlite3 (1.3.13)

PLATFORMS
  ruby

DEPENDENCIES
  puma
  rack (~> 2.0.6)
  sequel (~> 5.16)
  sqlite3

RUBY VERSION
   ruby 2.4.0p0

BUNDLED WITH
   1.17.1
